GEM
  remote: https://rubygems.org/
  specs:
    appsignal (2.1.2)
      rack
      thread_safe
    aws-sdk-core (2.9.4)
      aws-sigv4 (~> 1.0)
      jmespath (~> 1.0)
    aws-sigv4 (1.0.0)
    concurrent-ruby (1.0.5)
    jmespath (1.3.1)
    rack (2.0.1)
    shoryuken (3.0.4)
      aws-sdk-core (~> 2)
      concurrent-ruby
      thor
    thor (0.19.4)
    thread_safe (0.3.6)

PLATFORMS
  ruby

DEPENDENCIES
  appsignal
  shoryuken

BUNDLED WITH
   1.14.6
