GEM
  remote: https://rubygems.org/
  specs:
    appsignal (2.11.2)
      rack
    aws-eventstream (1.1.0)
    aws-partitions (1.416.0)
    aws-sdk-core (3.111.0)
      aws-eventstream (~> 1, >= 1.0.2)
      aws-partitions (~> 1, >= 1.239.0)
      aws-sigv4 (~> 1.1)
      jmespath (~> 1.0)
    aws-sdk-sqs (1.35.0)
      aws-sdk-core (~> 3, >= 3.109.0)
      aws-sigv4 (~> 1.1)
    aws-sigv4 (1.2.2)
      aws-eventstream (~> 1, >= 1.0.2)
    concurrent-ruby (1.1.7)
    jmespath (1.4.0)
    rack (2.2.3)
    shoryuken (5.0.6)
      aws-sdk-core (>= 2)
      concurrent-ruby
      thor
    thor (1.0.1)

PLATFORMS
  ruby

DEPENDENCIES
  appsignal
  aws-sdk-sqs
  shoryuken

BUNDLED WITH
   1.17.2
