GEM
  remote: https://rubygems.org/
  specs:
    appsignal (2.0.5)
      rack
      thread_safe
    rack (2.0.1)
    rake (12.0.0)
    thread_safe (0.3.5)

PLATFORMS
  ruby

DEPENDENCIES
  appsignal
  rake

BUNDLED WITH
   1.13.7
