GEM
  remote: https://rubygems.org/
  specs:
    appsignal (2.8.3)
      rack
    rack (1.6.11)
    rack-protection (1.5.3)
      rack
    sinatra (1.4.7)
      rack (~> 1.5)
      rack-protection (~> 1.4)
      tilt (>= 1.3, < 3)
    tilt (2.0.5)

PLATFORMS
  ruby

DEPENDENCIES
  appsignal
  sinatra

BUNDLED WITH
   1.17.3
